PATH
  remote: .
  specs:
    bwoken (1.2.1)
      coffee-script-source
      colorful
      execjs
      rake

GEM
  remote: https://rubygems.org/
  specs:
    coffee-script-source (1.2.0)
    colorful (0.0.3)
    diff-lcs (1.2.1)
    execjs (1.4.0)
      multi_json (~> 1.0)
    ffi (1.0.11)
    guard (1.0.1)
      ffi (>= 0.5.0)
      thor (~> 0.14.6)
    guard-rspec (0.6.0)
      guard (>= 0.10.0)
    multi_json (1.3.6)
    rake (10.0.3)
    rspec (2.13.0)
      rspec-core (~> 2.13.0)
      rspec-expectations (~> 2.13.0)
      rspec-mocks (~> 2.13.0)
    rspec-core (2.13.0)
    rspec-expectations (2.13.0)
      diff-lcs (>= 1.1.3, < 2.0)
    rspec-mocks (2.13.0)
    thor (0.14.6)

PLATFORMS
  ruby

DEPENDENCIES
  bwoken!
  guard-rspec
  rspec
